GEM
  remote: https://rubygems.org/
  specs:
    POpen4 (0.1.4)
      Platform (>= 0.4.0)
      open4
    Platform (0.4.0)
    RedCloth (4.2.9)
    RedCloth (4.2.9-java)
    asciidoctor (0.1.4)
    awestruct (0.5.3)
      bootstrap-sass (>= 2.3.1.0)
      compass (>= 0.12.1)
      compass-960-plugin (~> 0.10.4)
      git (~> 1.2.5)
      haml (~> 4.0.1)
      listen (>= 0.7.3)
      nokogiri (= 1.5.10)
      rack (~> 1.5.2)
      rest-client (>= 1.6.7)
      ruby-s3cmd (~> 0.1.5)
      tilt (>= 1.3.6)
      zurb-foundation (>= 4.0.9)
    bootstrap-sass (3.1.0.2)
      sass (~> 3.2)
    chunky_png (1.3.0)
    coderay (1.1.0)
    coffee-script (2.2.0)
      coffee-script-source
      execjs
    coffee-script-source (1.7.0)
    commonjs (0.2.7)
    compass (0.12.2)
      chunky_png (~> 1.2)
      fssm (>= 0.2.7)
      sass (~> 3.1)
    compass-960-plugin (0.10.4)
      compass (>= 0.10.0)
    cssminify (1.0.2)
    domain_name (0.5.20190701)
      unf (>= 0.0.5, < 1.0.0)
    execjs (2.0.2)
    ffi (1.9.18)
    ffi (1.9.18-java)
    fssm (0.2.10)
    git (1.2.6)
    haml (4.0.5)
      tilt
    htmlcompressor (0.0.7)
      yui-compressor (~> 0.9.6)
    http-accept (1.7.0)
    http-cookie (1.0.5)
      domain_name (~> 0.5)
    kramdown (1.0.2)
    less (2.3.3)
      commonjs (~> 0.2.6)
    libv8 (3.16.14.15)
    listen (0.7.3)
    mime-types (3.4.1)
      mime-types-data (~> 3.2015)
    mime-types-data (3.2022.0105)
    multi_json (1.8.4)
    netrc (0.11.0)
    nokogiri (1.5.10)
    nokogiri (1.5.10-java)
    open4 (1.3.0)
    rack (1.5.2)
    rb-fsevent (0.9.4)
    rb-inotify (0.9.8)
      ffi (>= 0.5.0)
    ref (2.0.0)
    rest-client (2.1.0)
      http-accept (>= 1.7.0, < 2.0)
      http-cookie (>= 1.0.2, < 2.0)
      mime-types (>= 1.16, < 4.0)
      netrc (~> 0.8)
    ruby-s3cmd (0.1.5)
    sass (3.2.14)
    therubyracer (0.12.2)
      libv8 (~> 3.16.14.0)
      ref
    therubyrhino (1.73.5)
    tilt (1.4.1)
    uglifier (2.0.1)
      execjs (>= 0.3.0)
      multi_json (~> 1.0, >= 1.0.2)
    unf (0.1.4)
      unf_ext
    unf (0.1.4-java)
    unf_ext (0.0.8.2)
    yui-compressor (0.9.6)
      POpen4 (>= 0.1.4)
    zurb-foundation (4.3.2)
      sass (>= 3.2.0)

PLATFORMS
  java
  ruby

DEPENDENCIES
  RedCloth
  asciidoctor (= 0.1.4)
  awestruct (= 0.5.3)
  coderay
  coffee-script
  cssminify (~> 1.0.2)
  htmlcompressor (~> 0.0.3)
  kramdown (~> 1.0.1)
  less (~> 2.3.2)
  libv8 (~> 3.16.14.15)
  listen (= 0.7.3)
  rb-fsevent (~> 0.9.3)
  rb-inotify (~> 0.9)
  therubyracer (~> 0.12.2)
  therubyrhino (~> 1.73)
  tilt (~> 1.4.0)
  uglifier (~> 2.0.1)
  win32-open3-19

BUNDLED WITH
   1.14.6
